GEM
  remote: https://rubygems.org/
  specs:
    mini_portile2 (2.8.6)
    rtesseract (3.1.3)
    sqlite3 (2.0.1)
      mini_portile2 (~> 2.8.0)

PLATFORMS
  x86_64-linux

DEPENDENCIES
  rtesseract
  sqlite3

BUNDLED WITH
   2.3.22
